GEM
  remote: https://rubygems.org/
  specs:
    activesupport (6.1.4.1)
      concurrent-ruby (~> 1.0, >= 1.0.2)
      i18n (>= 1.6, < 2)
      minitest (>= 5.1)
      tzinfo (~> 2.0)
      zeitwerk (~> 2.3)
    byebug (11.1.3)
    concurrent-ruby (1.1.9)
    e2mmap (0.1.0)
    google-protobuf (3.19.1-x86_64-linux)
    googleapis-common-protos-types (1.3.0)
      google-protobuf (~> 3.14)
    grpc (1.41.1-x86_64-linux)
      google-protobuf (~> 3.17)
      googleapis-common-protos-types (~> 1.0)
    grpc-tools (1.41.1)
    gruf (2.10.0)
      activesupport (> 4)
      concurrent-ruby (> 1)
      e2mmap (~> 0.1)
      grpc (~> 1.10)
      grpc-tools (~> 1.10)
      json (>= 2.3)
      slop (~> 4.6)
      thwait (~> 0.1)
    i18n (1.8.11)
      concurrent-ruby (~> 1.0)
    json (2.6.1)
    minitest (5.14.4)
    slop (4.9.1)
    thwait (0.2.0)
      e2mmap
    tzinfo (2.0.4)
      concurrent-ruby (~> 1.0)
    zeitwerk (2.5.1)

PLATFORMS
  x86_64-linux

DEPENDENCIES
  byebug
  grpc
  grpc-tools
  gruf

BUNDLED WITH
   2.2.29
